GEM
  remote: http://rubygems.org/
  specs:
    byebug (8.2.0)
    thor (0.19.1)

PLATFORMS
  ruby

DEPENDENCIES
  byebug
  thor

BUNDLED WITH
   1.10.6
